GEM
  remote: https://rubygems.org/
  specs:
    foreman (0.85.0)
      thor (~> 0.19.1)
    rack (2.0.5)
    thor (0.19.4)

PLATFORMS
  ruby

DEPENDENCIES
  foreman
  rack

BUNDLED WITH
   1.16.1
